GEM
  remote: https://rubygems.org/
  specs:
    chunky_png (1.3.1)
    compass (0.12.6)
      chunky_png (~> 1.2)
      fssm (>= 0.2.7)
      sass (~> 3.2.19)
    dandelion (0.4.6)
      rugged (~> 0.19.0)
    fssm (0.2.10)
    net-sftp (2.1.2)
      net-ssh (>= 2.6.5)
    net-ssh (2.9.1)
    rugged (0.19.0)
    sass (3.2.19)

PLATFORMS
  ruby

DEPENDENCIES
  compass
  dandelion
  net-sftp
